GIT
  remote: git://github.com/rrouse/slug.git
  revision: 9ca669ab1c2c30f23467a418a0f8775c54de11e0
  specs:
    slug (0.5.7)
      activerecord
      activesupport

GIT
  remote: git://github.com/thoughtbot/paperclip.git
  revision: 6a10b358bff2562a5c9b1585f0c8122b540966a3
  specs:
    paperclip (2.3.8)
      activerecord
      activesupport

GIT
  remote: https://github.com/skyeagle/nested_set.git
  revision: 01259fa3ddd0777b014b22182b312000572e3327
  specs:
    nested_set (1.6.4)
      activerecord (>= 3.0.0)
      railties (>= 3.0.0)

GEM
  remote: http://rubygems.org/
  specs:
    ZenTest (4.5.0)
    abstract (1.0.0)
    actionmailer (3.0.3)
      actionpack (= 3.0.3)
      mail (~> 2.2.9)
    actionpack (3.0.3)
      activemodel (= 3.0.3)
      activesupport (= 3.0.3)
      builder (~> 2.1.2)
      erubis (~> 2.6.6)
      i18n (~> 0.4)
      rack (~> 1.2.1)
      rack-mount (~> 0.6.13)
      rack-test (~> 0.5.6)
      tzinfo (~> 0.3.23)
    activemodel (3.0.3)
      activesupport (= 3.0.3)
      builder (~> 2.1.2)
      i18n (~> 0.4)
    activerecord (3.0.3)
      activemodel (= 3.0.3)
      activesupport (= 3.0.3)
      arel (~> 2.0.2)
      tzinfo (~> 0.3.23)
    activeresource (3.0.3)
      activemodel (= 3.0.3)
      activesupport (= 3.0.3)
    activesupport (3.0.3)
    arel (2.0.9)
    autotest (4.4.6)
      ZenTest (>= 4.4.1)
    builder (2.1.2)
    diff-lcs (1.1.2)
    erubis (2.6.6)
      abstract (>= 1.0.0)
    factory_girl (1.3.3)
    faker (0.9.5)
      i18n (~> 0.4)
    i18n (0.5.0)
    mail (2.2.15)
      activesupport (>= 2.3.6)
      i18n (>= 0.4.0)
      mime-types (~> 1.16)
      treetop (~> 1.4.8)
    mime-types (1.16)
    mysql2 (0.2.6)
    notifier (0.1.2)
    polyglot (0.3.1)
    rack (1.2.1)
    rack-mount (0.6.13)
      rack (>= 1.0.0)
    rack-test (0.5.7)
      rack (>= 1.0)
    rails (3.0.3)
      actionmailer (= 3.0.3)
      actionpack (= 3.0.3)
      activerecord (= 3.0.3)
      activeresource (= 3.0.3)
      activesupport (= 3.0.3)
      bundler (~> 1.0)
      railties (= 3.0.3)
    railties (3.0.3)
      actionpack (= 3.0.3)
      activesupport (= 3.0.3)
      rake (>= 0.8.7)
      thor (~> 0.14.4)
    rake (0.8.7)
    rspec (2.5.0)
      rspec-core (~> 2.5.0)
      rspec-expectations (~> 2.5.0)
      rspec-mocks (~> 2.5.0)
    rspec-core (2.5.1)
    rspec-expectations (2.5.0)
      diff-lcs (~> 1.1.2)
    rspec-mocks (2.5.0)
    rspec-rails (2.5.0)
      actionpack (~> 3.0)
      activesupport (~> 3.0)
      railties (~> 3.0)
      rspec (~> 2.5.0)
    test_notifier (0.3.6)
      notifier
    thor (0.14.6)
    treetop (1.4.9)
      polyglot (>= 0.3.1)
    tzinfo (0.3.24)

PLATFORMS
  ruby

DEPENDENCIES
  autotest
  factory_girl
  faker
  mysql2
  nested_set!
  paperclip!
  rails (= 3.0.3)
  rspec
  rspec-rails
  slug!
  test_notifier
